PATH
  remote: .
  specs:
    reviewlette (0.1)

GEM
  remote: http://rubygems.org/
  specs:

PLATFORMS
  ruby

DEPENDENCIES
  reviewlette!
