GEM
  remote: http://rubygems.org/
  specs:
    activesupport (4.1.0)
      i18n (~> 0.6, >= 0.6.9)
      json (~> 1.7, >= 1.7.7)
      minitest (~> 5.1)
      thread_safe (~> 0.1)
      tzinfo (~> 1.1)
    haml (4.0.5)
      tilt
    httparty (0.13.1)
      json (~> 1.8)
      multi_xml (>= 0.5.2)
    i18n (0.6.9)
    json (1.8.1)
    minitest (5.3.3)
    multi_xml (0.5.5)
    password (1.3)
      activesupport (>= 2.0.2)
    thread_safe (0.3.3)
    tilt (2.0.1)
    tzinfo (1.1.0)
      thread_safe (~> 0.1)

PLATFORMS
  ruby

DEPENDENCIES
  haml
  httparty
  json
  password
